PATH
  remote: .
  specs:
    rails-exporter (0.0.2)
      spreadsheet

GEM
  remote: https://rubygems.org/
  specs:
    ruby-ole (1.2.12)
    spreadsheet (1.1.3)
      ruby-ole (>= 1.0)

PLATFORMS
  ruby

DEPENDENCIES
  rails-exporter!

BUNDLED WITH
   1.13.1
